PATH
  remote: .
  specs:
    piggybak_rails_admin_nestable (0.0.5)

GEM
  remote: http://rubygems.org/
  specs:

PLATFORMS
  ruby

DEPENDENCIES
  piggybak_rails_admin_nestable!
